GIT
  remote: git://github.com/bloom-lang/bud.git
  revision: e0e6d00d786bce8f7d54d8dd0f2fbac424af2abe
  specs:
    bud (0.0.8)
      ParseTree
      backports
      eventmachine
      fastercsv
      gchart
      getopt
      i18n
      json
      msgpack
      nestful
      ruby-graphviz
      ruby2ruby (< 1.3.1)
      sexp_path
      superators
      syntax
      uuid

GIT
  remote: git://github.com/sebastian/net-dns.git
  revision: 5928aa15d814a684be82f85266285d3bb99b9102
  specs:
    net-dns (0.6.1)

GEM
  remote: http://rubygems.org/
  specs:
    ParseTree (3.0.8)
      RubyInline (>= 3.7.0)
      sexp_processor (>= 3.0.0)
    RubyInline (3.11.0)
      ZenTest (~> 4.3)
    ZenTest (4.6.2)
    activesupport (3.2.0.rc1)
      i18n (~> 0.6)
      multi_json (~> 1.0)
    backports (2.3.0)
    daemons (1.1.4)
    dnsruby (1.53)
    eventmachine (0.12.10)
    fastercsv (1.5.4)
    gchart (1.0.0)
    getopt (1.4.1)
    hoe (2.12.5)
      rake (~> 0.8)
    i18n (0.6.0)
    json (1.6.3)
    macaddr (1.5.0)
      systemu (>= 2.4.0)
    minitest (2.9.1)
    msgpack (0.4.6)
    multi_json (1.0.4)
    nestful (0.0.7)
      activesupport (>= 3.0.0.beta)
    rack (1.3.5)
    rack-protection (1.1.4)
      rack
    rake (0.9.2.2)
    rexec (1.4.1)
    ruby-graphviz (1.0.3)
    ruby2ruby (1.3.0)
      ruby_parser (~> 2.0)
      sexp_processor (~> 3.0)
    ruby_parser (2.3.1)
      sexp_processor (~> 3.0)
    rubydns (0.3.3)
      eventmachine
      rexec
    sexp_path (0.4.0)
      sexp_processor (~> 3.0)
    sexp_processor (3.0.9)
    sinatra (1.3.1)
      rack (~> 1.3, >= 1.3.4)
      rack-protection (~> 1.1, >= 1.1.2)
      tilt (~> 1.3, >= 1.3.3)
    superators (0.9.1)
      hoe (>= 1.3.0)
    syntax (1.0.0)
    systemu (2.4.2)
    thin (1.3.1)
      daemons (>= 1.0.9)
      eventmachine (>= 0.12.6)
      rack (>= 1.0.0)
    tilt (1.3.3)
    uuid (2.3.4)
      macaddr (~> 1.0)

PLATFORMS
  ruby

DEPENDENCIES
  ZenTest
  bud!
  daemons
  dnsruby
  json
  minitest
  net-dns!
  rexec
  rubydns
  sinatra
  thin
