GIT
  remote: git@github.com:sebastian/net-dns.git
  revision: 5928aa15d814a684be82f85266285d3bb99b9102
  specs:
    net-dns (0.6.1)

GEM
  remote: http://rubygems.org/
  specs:
    eventmachine (0.12.10)
    json (1.6.1)
    rack (1.3.5)
    rack-protection (1.1.4)
      rack
    rexec (1.4.1)
    rubydns (0.3.3)
      eventmachine
      rexec
    sinatra (1.3.1)
      rack (~> 1.3, >= 1.3.4)
      rack-protection (~> 1.1, >= 1.1.2)
      tilt (~> 1.3, >= 1.3.3)
    tilt (1.3.3)

PLATFORMS
  ruby

DEPENDENCIES
  json
  net-dns!
  rubydns
  sinatra
